GEM
  remote: https://rubygems.org/
  specs:
    aws-eventstream (1.2.0)
    aws-sdk (2.11.632)
      aws-sdk-resources (= 2.11.632)
    aws-sdk-core (2.11.632)
      aws-sigv4 (~> 1.0)
      jmespath (~> 1.0)
    aws-sdk-resources (2.11.632)
      aws-sdk-core (= 2.11.632)
    aws-sigv4 (1.4.0)
      aws-eventstream (~> 1, >= 1.0.2)
    jmespath (1.5.0)

PLATFORMS
  x86_64-linux

DEPENDENCIES
  aws-sdk (~> 2.4)

BUNDLED WITH
   2.3.6
